GIT
  remote: git://github.com/rsim/oracle-enhanced.git
  revision: ab5608ae376f1ad29967ad73b237e219247e69ef
  specs:
    activerecord-oracle_enhanced-adapter (1.4.0)

GEM
  remote: http://rubygems.org/
  specs:
    actionmailer (3.1.1.rc1)
      actionpack (= 3.1.1.rc1)
      mail (~> 2.3.0)
    actionpack (3.1.1.rc1)
      activemodel (= 3.1.1.rc1)
      activesupport (= 3.1.1.rc1)
      builder (~> 3.0.0)
      erubis (~> 2.7.0)
      i18n (~> 0.6)
      rack (~> 1.3.2)
      rack-cache (~> 1.0.3)
      rack-mount (~> 0.8.2)
      rack-test (~> 0.6.1)
      sprockets (~> 2.0.0)
    activemodel (3.1.1.rc1)
      activesupport (= 3.1.1.rc1)
      builder (~> 3.0.0)
      i18n (~> 0.6)
    activerecord (3.1.1.rc1)
      activemodel (= 3.1.1.rc1)
      activesupport (= 3.1.1.rc1)
      arel (~> 2.2.1)
      tzinfo (~> 0.3.29)
    activeresource (3.1.1.rc1)
      activemodel (= 3.1.1.rc1)
      activesupport (= 3.1.1.rc1)
    activesupport (3.1.1.rc1)
      multi_json (~> 1.0)
    arel (2.2.1)
    builder (3.0.0)
    coffee-rails (3.1.1)
      coffee-script (>= 2.2.0)
      railties (~> 3.1.0)
    coffee-script (2.2.0)
      coffee-script-source
      execjs
    coffee-script-source (1.1.2)
    database_loader (0.1.0)
    diff-lcs (1.1.3)
    erubis (2.7.0)
    execjs (1.2.6)
      multi_json (~> 1.0)
    haml (3.1.3)
    hike (1.2.1)
    i18n (0.6.0)
    jquery-rails (1.0.14)
      railties (~> 3.0)
      thor (~> 0.14)
    json (1.6.0)
    kaminari (0.12.4)
      rails (>= 3.0.0)
    mail (2.3.0)
      i18n (>= 0.4.0)
      mime-types (~> 1.16)
      treetop (~> 1.4.8)
    mime-types (1.16)
    multi_json (1.0.3)
    oracle_ebs_authentication (0.1.1)
      activesupport (>= 2.2)
      ruby-plsql (>= 0.4.2)
    polyglot (0.3.2)
    rack (1.3.2)
    rack-cache (1.0.3)
      rack (>= 0.4)
    rack-mount (0.8.3)
      rack (>= 1.0.0)
    rack-ssl (1.3.2)
      rack
    rack-test (0.6.1)
      rack (>= 1.0)
    rails (3.1.1.rc1)
      actionmailer (= 3.1.1.rc1)
      actionpack (= 3.1.1.rc1)
      activerecord (= 3.1.1.rc1)
      activeresource (= 3.1.1.rc1)
      activesupport (= 3.1.1.rc1)
      bundler (~> 1.0)
      railties (= 3.1.1.rc1)
    railties (3.1.1.rc1)
      actionpack (= 3.1.1.rc1)
      activesupport (= 3.1.1.rc1)
      rack-ssl (~> 1.3.2)
      rake (>= 0.8.7)
      rdoc (~> 3.4)
      thor (~> 0.14.6)
    rake (0.9.2)
    rdoc (3.9.4)
    rspec (2.6.0)
      rspec-core (~> 2.6.0)
      rspec-expectations (~> 2.6.0)
      rspec-mocks (~> 2.6.0)
    rspec-core (2.6.4)
    rspec-expectations (2.6.0)
      diff-lcs (~> 1.1.2)
    rspec-mocks (2.6.0)
    rspec-rails (2.6.1)
      actionpack (~> 3.0)
      activesupport (~> 3.0)
      railties (~> 3.0)
      rspec (~> 2.6.0)
    ruby-oci8 (2.0.4)
    ruby-plsql (0.4.4)
    sass (3.1.7)
    sass-rails (3.1.2)
      actionpack (~> 3.1.0)
      railties (~> 3.1.0)
      sass (>= 3.1.4)
      sprockets (~> 2.0.0)
      tilt (~> 1.3.2)
    sprockets (2.0.0)
      hike (~> 1.2)
      rack (~> 1.0)
      tilt (!= 1.3.0, ~> 1.1)
    thor (0.14.6)
    tilt (1.3.3)
    treetop (1.4.10)
      polyglot
      polyglot (>= 0.3.1)
    tzinfo (0.3.29)
    uglifier (1.0.3)
      execjs (>= 0.3.0)
      multi_json (>= 1.0.2)

PLATFORMS
  ruby

DEPENDENCIES
  activerecord-oracle_enhanced-adapter!
  coffee-rails (~> 3.1.0)
  database_loader
  haml
  jquery-rails
  json
  kaminari
  oracle_ebs_authentication
  rails (= 3.1.1.rc1)
  rspec-rails
  ruby-oci8 (= 2.0.4)
  ruby-plsql (~> 0.4.4)
  sass-rails (~> 3.1.0)
  uglifier (>= 1.0.3)
